GEM
  remote: https://rubygems.org/
  specs:
    retries (0.0.5)
    work_queue (2.5.4)

PLATFORMS
  x86_64-darwin-22

DEPENDENCIES
  retries
  work_queue

BUNDLED WITH
   2.4.10
